GEM
  remote: http://rubygems.org/
  specs:
    POpen4 (0.1.4)
      Platform (>= 0.4.0)
      open4
    Platform (0.4.0)
    RedCloth (4.2.9)
    actionmailer (3.2.13)
      actionpack (= 3.2.13)
      mail (~> 2.5.3)
    actionpack (3.2.13)
      activemodel (= 3.2.13)
      activesupport (= 3.2.13)
      builder (~> 3.0.0)
      erubis (~> 2.7.0)
      journey (~> 1.0.4)
      rack (~> 1.4.5)
      rack-cache (~> 1.2)
      rack-test (~> 0.6.1)
      sprockets (~> 2.2.1)
    activemodel (3.2.13)
      activesupport (= 3.2.13)
      builder (~> 3.0.0)
    activerecord (3.2.13)
      activemodel (= 3.2.13)
      activesupport (= 3.2.13)
      arel (~> 3.0.2)
      tzinfo (~> 0.3.29)
    activeresource (3.2.13)
      activemodel (= 3.2.13)
      activesupport (= 3.2.13)
    activesupport (3.2.13)
      i18n (= 0.6.1)
      multi_json (~> 1.0)
    acts-as-taggable-on (2.3.3)
      rails (~> 3.0)
    acts_as_commentable (3.0.1)
    airbrake (3.1.8)
      activesupport
      builder
      json
    arel (3.0.2)
    aws-ses (0.4.4)
      builder
      mail (> 2.2.5)
      mime-types
      xml-simple
    bcrypt-ruby (3.0.1)
    brcpfcnpj (3.3.0)
      actionpack (>= 3.0.0)
      activesupport (>= 3.0.0)
    brhelper (3.3.0)
      actionpack (>= 3.0.0)
      activesupport (>= 3.0.0)
    builder (3.0.4)
    cancan (1.6.9)
    capistrano (2.14.2)
      highline
      net-scp (>= 1.0.0)
      net-sftp (>= 2.0.0)
      net-ssh (>= 2.0.14)
      net-ssh-gateway (>= 1.1.0)
    capistrano-ext (1.2.1)
      capistrano (>= 1.0.0)
    childprocess (0.3.9)
      ffi (~> 1.0, >= 1.0.11)
    coderay (1.0.9)
    coffee-rails (3.2.2)
      coffee-script (>= 2.2.0)
      railties (~> 3.2.0)
    coffee-script (2.2.0)
      coffee-script-source
      execjs
    coffee-script-source (1.6.1)
    devise (2.2.3)
      bcrypt-ruby (~> 3.0)
      orm_adapter (~> 0.1)
      railties (~> 3.1)
      warden (~> 1.2.1)
    devise-encryptable (0.1.1)
      devise (>= 2.1.0.rc)
    diff-lcs (1.2.1)
    erubis (2.7.0)
    execjs (1.4.0)
      multi_json (~> 1.0)
    factory_girl (2.6.4)
      activesupport (>= 2.3.9)
    factory_girl_rails (1.7.0)
      factory_girl (~> 2.6.0)
      railties (>= 3.0.0)
    fancybox-rails (0.1.4)
      railties (>= 3.1.0)
    ffi (1.4.0)
    foreman (0.61.0)
      thor (>= 0.13.6)
    formtastic (2.2.1)
      actionpack (>= 3.0)
    goalie (0.0.4)
      actionpack (>= 3.0.0)
      activesupport (>= 3.0.0)
    guard (1.6.2)
      listen (>= 0.6.0)
      lumberjack (>= 1.0.2)
      pry (>= 0.9.10)
      terminal-table (>= 1.4.3)
      thor (>= 0.14.6)
    guard-jasmine (1.13.0)
      childprocess
      guard (>= 1.1.0)
      multi_json
      thor
    haml (4.0.0)
      tilt
    has_scope (0.5.1)
    hashr (0.0.22)
    highline (1.6.16)
    hike (1.2.1)
    hpricot (0.8.6)
    i18n (0.6.1)
    inherited_resources (1.3.1)
      has_scope (~> 0.5.0)
      responders (~> 0.6)
    jasmine-jquery-rails (1.4.2)
    jasminerice (0.0.10)
      coffee-rails
      haml
    johnson (1.2.0)
    journey (1.0.4)
    jquery-rails (2.2.1)
      railties (>= 3.0, < 5.0)
      thor (>= 0.14, < 2.0)
    jquery-ui-rails (4.0.1)
      jquery-rails
      railties (>= 3.1.0)
    json (1.7.7)
    libv8 (3.11.8.13)
    listen (0.7.3)
    lumberjack (1.0.2)
    magic-localized_country_select (0.2.0)
      hpricot (~> 0.8)
      magic-localized_country_select
      rails (~> 3)
    mail (2.5.3)
      i18n (>= 0.4.0)
      mime-types (~> 1.16)
      treetop (~> 1.4.8)
    metaclass (0.0.1)
    method_source (0.8.1)
    mime-types (1.21)
    mocha (0.13.2)
      metaclass (~> 0.0.1)
    multi_json (1.7.1)
    mysql2 (0.3.11)
    net-scp (1.1.0)
      net-ssh (>= 2.6.5)
    net-sftp (2.1.1)
      net-ssh (>= 2.6.5)
    net-ssh (2.6.6)
    net-ssh-gateway (1.2.0)
      net-ssh (>= 2.6.5)
    open4 (1.3.0)
    orm_adapter (0.4.0)
    polyglot (0.3.3)
    pry (0.9.12)
      coderay (~> 1.0.5)
      method_source (~> 0.8)
      slop (~> 3.4)
    rack (1.4.5)
    rack-cache (1.2)
      rack (>= 0.4)
    rack-ssl (1.3.3)
      rack
    rack-test (0.6.2)
      rack (>= 1.0)
    rails (3.2.13)
      actionmailer (= 3.2.13)
      actionpack (= 3.2.13)
      activerecord (= 3.2.13)
      activeresource (= 3.2.13)
      activesupport (= 3.2.13)
      bundler (~> 1.0)
      railties (= 3.2.13)
    railties (3.2.13)
      actionpack (= 3.2.13)
      activesupport (= 3.2.13)
      rack-ssl (~> 1.3.2)
      rake (>= 0.8.7)
      rdoc (~> 3.4)
      thor (>= 0.14.6, < 2.0)
    rake (10.0.3)
    rcov (1.0.0)
    rdoc (3.12.2)
      json (~> 1.4)
    ref (1.0.3)
    responders (0.9.3)
      railties (~> 3.1)
    rspec-core (2.13.1)
    rspec-expectations (2.13.0)
      diff-lcs (>= 1.1.3, < 2.0)
    rspec-mocks (2.13.0)
    rspec-rails (2.13.0)
      actionpack (>= 3.0)
      activesupport (>= 3.0)
      railties (>= 3.0)
      rspec-core (~> 2.13.0)
      rspec-expectations (~> 2.13.0)
      rspec-mocks (~> 2.13.0)
    sass (3.2.7)
    sass-rails (3.2.6)
      railties (~> 3.2.0)
      sass (>= 3.1.10)
      tilt (~> 1.3)
    seed-fu (2.2.0)
      activerecord (~> 3.1)
      activesupport (~> 3.1)
    shoulda-matchers (1.4.1)
      activesupport (>= 3.0.0)
    slop (3.4.4)
    spork (1.0.0rc3)
    spork-rails (3.2.1)
      rails (>= 3.0.0, < 3.3.0)
      spork (>= 1.0rc0)
    sprockets (2.2.2)
      hike (~> 1.2)
      multi_json (~> 1.0)
      rack (~> 1.0)
      tilt (~> 1.1, != 1.3.0)
    sqlite3 (1.3.7)
    state_machine (1.1.2)
    terminal-table (1.4.5)
    therubyracer (0.11.4)
      libv8 (~> 3.11.8.12)
      ref
    thor (0.17.0)
    tilt (1.3.6)
    travis-lint (1.6.0)
      hashr (~> 0.0.22)
    treetop (1.4.12)
      polyglot
      polyglot (>= 0.3.1)
    tzinfo (0.3.37)
    validates_existence (0.8.0)
    warden (1.2.1)
      rack (>= 1.0)
    will_paginate (3.0.4)
    xml-simple (1.1.2)
    yui-compressor (0.9.6)
      POpen4 (>= 0.1.4)

PLATFORMS
  ruby

DEPENDENCIES
  RedCloth (= 4.2.9)
  acts-as-taggable-on (= 2.3.3)
  acts_as_commentable (= 3.0.1)
  airbrake (= 3.1.8)
  aws-ses (= 0.4.4)
  brcpfcnpj (= 3.3.0)
  brhelper (= 3.3.0)
  cancan (= 1.6.9)
  capistrano-ext (= 1.2.1)
  coffee-rails (= 3.2.2)
  devise (= 2.2.3)
  devise-encryptable (= 0.1.1)
  factory_girl_rails (= 1.7.0)
  fancybox-rails (= 0.1.4)
  foreman (= 0.61.0)
  formtastic (= 2.2.1)
  goalie (= 0.0.4)
  guard-jasmine (= 1.13.0)
  haml (= 4.0.0)
  has_scope (= 0.5.1)
  inherited_resources (= 1.3.1)
  jasmine-jquery-rails (= 1.4.2)
  jasminerice (= 0.0.10)
  johnson (= 1.2.0)
  jquery-rails (= 2.2.1)
  jquery-ui-rails (= 4.0.1)
  magic-localized_country_select (= 0.2.0)
  mocha (= 0.13.2)
  mysql2 (= 0.3.11)
  rails (= 3.2.13)
  rcov (= 1.0.0)
  rspec-rails (= 2.13.0)
  sass-rails (= 3.2.6)
  seed-fu (= 2.2.0)
  shoulda-matchers (= 1.4.1)
  spork-rails (= 3.2.1)
  sqlite3 (= 1.3.7)
  state_machine (= 1.1.2)
  therubyracer (= 0.11.4)
  travis-lint (= 1.6.0)
  validates_existence (= 0.8.0)
  will_paginate (= 3.0.4)
  yui-compressor (= 0.9.6)
